PATH
  remote: .
  specs:
    ted-cli (0.0.1)
      commander (= 4.3.4)
      httparty (~> 0.13)
      paint (= 1.0.0)

GEM
  remote: https://rubygems.org/
  specs:
    commander (4.3.4)
      highline (~> 1.7.2)
    cutest (1.1.3)
    highline (1.7.2)
    httparty (0.13.5)
      json (~> 1.8)
      multi_xml (>= 0.5.2)
    json (1.8.3)
    multi_xml (0.5.5)
    paint (1.0.0)

PLATFORMS
  ruby

DEPENDENCIES
  cutest (= 1.1.3)
  ted-cli!
